PATH
  remote: .
  specs:
    private_gem (1.2.1)
      bundler (> 2.2, < 3.0)
      thor

GEM
  remote: https://rubygems.org/
  specs:
    bump (0.10.0)
    byebug (11.1.3)
    maxitest (4.1.0)
      minitest (>= 5.0.0, < 5.15.0)
    minitest (5.14.4)
    rake (10.5.0)
    thor (1.2.1)

PLATFORMS
  x86_64-darwin-20
  x86_64-linux

DEPENDENCIES
  bump
  byebug
  maxitest
  private_gem!
  rake

BUNDLED WITH
   2.3.10
