PATH
  remote: .
  specs:
    private_gem (1.2.1)
      bundler (> 2.2, < 3.0)
      thor

GEM
  remote: https://rubygems.org/
  specs:
    bump (0.10.0)
    byebug (11.1.3)
    maxitest (4.4.1)
      minitest (>= 5.0.0, < 5.18.0)
    minitest (5.17.0)
    rake (13.0.6)
    thor (1.2.1)

PLATFORMS
  ruby

DEPENDENCIES
  bump
  byebug
  maxitest
  private_gem!
  rake

BUNDLED WITH
   2.4.9
